GEM
  remote: https://rubygems.org/
  specs:
    colorize (0.8.1)
    sass (3.4.23)
    sass-globbing (1.1.5)
      sass (>= 3.1)

PLATFORMS
  ruby

DEPENDENCIES
  colorize
  sass-globbing

BUNDLED WITH
   1.14.6
